GIT
  remote: git@github.com:vitrue/brokerizer.git
  revision: 514da05dab116ec684ebf96e430db3b4e5b966ee
  tag: v6.5.2.2
  specs:
    brokerizer (6.4.4.1)
      airbrake (~> 4.2.1)
      aws-s3
      bundler (~> 1.3)
      bunny (>= 1.7.0)
      excon
      faraday (>= 0.8.9)
      log4r (~> 1.1.10)
      sequel
      sidekiq (< 3.0.0)
      sidekiq-failures
      sinatra-jsonp (>= 0.4.3)
      sqlite3
      sucker_punch (~> 1.0)
      typhoeus (~> 0.6.7)
      yui-compressor

GIT
  remote: git@github.com:vitrue/event-subscriber.git
  revision: 86c244239fccbbef1c7a53d3d24c735fde83a043
  tag: v1.1.2
  specs:
    event-subscriber (1.1.1)
      amqp
      eventmachine
      httpclient
      uuidtools

GIT
  remote: git@github.com:vitrue/gatekeeperizer.git
  revision: aadf212308b865a664b79d09ab9445d22e58256c
  tag: v1.0.5
  specs:
    gatekeeperizer (1.0.1)
      activesupport (>= 3.0.0)
      typhoeus (>= 0.3.3)

GIT
  remote: git@github.com:vitrue/healthcheck-middleware.git
  revision: 5b5548344794ba06b89054b2a0d849207fc2a1fa
  specs:
    healthcheck-middleware (0.0.3)

GEM
  remote: https://rubygems.org/
  specs:
    activesupport (4.2.6)
      i18n (~> 0.7)
      json (~> 1.7, >= 1.7.7)
      minitest (~> 5.1)
      thread_safe (~> 0.3, >= 0.3.4)
      tzinfo (~> 1.1)
    addressable (2.4.0)
    airbrake (4.2.1)
      builder
      multi_json
    amq-protocol (1.9.2)
    amqp (1.5.3)
      amq-protocol (~> 1.9)
      eventmachine
    aws-s3 (0.6.3)
      builder
      mime-types
      xml-simple
    builder (3.2.2)
    bunny (1.7.1)
      amq-protocol (~> 1.9.2)
    celluloid (0.17.3)
      celluloid-essentials
      celluloid-extras
      celluloid-fsm
      celluloid-pool
      celluloid-supervision
      timers (>= 4.1.1)
    celluloid-essentials (0.20.5)
      timers (>= 4.1.1)
    celluloid-extras (0.20.5)
      timers (>= 4.1.1)
    celluloid-fsm (0.20.5)
      timers (>= 4.1.1)
    celluloid-pool (0.20.5)
      timers (>= 4.1.1)
    celluloid-supervision (0.20.5)
      timers (>= 4.1.1)
    coderay (1.1.1)
    connection_pool (2.2.0)
    ethon (0.9.0)
      ffi (>= 1.3.0)
    eventmachine (1.2.0.1)
    excon (0.49.0)
    faraday (0.9.2)
      multipart-post (>= 1.2, < 3)
    ffi (1.9.10)
    hitimes (1.2.4)
    httpclient (2.8.0)
    i18n (0.7.0)
    json (1.8.3)
    kgio (2.10.0)
    koala (2.3.0)
      addressable
      faraday
      multi_json
    log4r (1.1.10)
    method_source (0.8.2)
    mime-types (1.25.1)
    minitest (5.9.0)
    multi_json (1.12.1)
    multipart-post (2.0.0)
    newrelic_rpm (3.15.2.317)
    pg (0.18.4)
    pry (0.10.3)
      coderay (~> 1.1.0)
      method_source (~> 0.8.1)
      slop (~> 3.4)
    rack (1.6.4)
    rack-protection (1.5.3)
      rack
    raindrops (0.16.0)
    rake (11.1.2)
    redis (3.0.7)
    redis-namespace (1.5.2)
      redis (~> 3.0, >= 3.0.4)
    sequel (4.34.0)
    sidekiq (2.15.2)
      celluloid (>= 0.15.2)
      connection_pool (>= 1.0.0)
      json
      redis (>= 3.0.4)
      redis-namespace (>= 1.3.1)
    sidekiq-failures (0.3.0)
      sidekiq (>= 2.14.0)
    sidekiq-middleware (0.3.0)
      sidekiq (>= 2.12.4)
    sinatra (1.4.7)
      rack (~> 1.5)
      rack-protection (~> 1.4)
      tilt (>= 1.3, < 3)
    sinatra-jsonp (0.4.4)
      multi_json (~> 1.8)
      sinatra (~> 1.0)
    slop (3.6.0)
    sqlite3 (1.3.11)
    sucker_punch (1.6.0)
      celluloid (~> 0.17.2)
    thread_safe (0.3.5)
    tilt (2.0.4)
    timers (4.1.1)
      hitimes
    typhoeus (0.6.9)
      ethon (>= 0.7.1)
    tzinfo (1.2.2)
      thread_safe (~> 0.1)
    unicorn (5.1.0)
      kgio (~> 2.6)
      raindrops (~> 0.7)
    uuidtools (2.1.5)
    xml-simple (1.1.5)
    yui-compressor (0.12.0)

PLATFORMS
  ruby

DEPENDENCIES
  activesupport
  amqp (~> 1.5.1)
  brokerizer!
  bunny (~> 1.7.1)
  event-subscriber!
  faraday (~> 0.9.0)
  gatekeeperizer!
  healthcheck-middleware!
  json
  koala (~> 2.2)
  mime-types (~> 1.25)
  newrelic_rpm
  pg
  pry
  rake
  redis (~> 3.0.4)
  sequel
  sidekiq (~> 2.15.2)
  sidekiq-failures
  sidekiq-middleware
  sinatra
  typhoeus (~> 0.6)
  unicorn
